GEM
  remote: https://ruby.taobao.org/
  specs:
    ffi (1.9.10)
    jekyll-paginate (1.1.0)
    jekyll-sitemap (0.10.0)
    jekyll-watch (1.4.0)
      listen (~> 3.0, < 3.1)
    kramdown (1.11.1)
    listen (3.0.8)
      rb-fsevent (~> 0.9, >= 0.9.4)
      rb-inotify (~> 0.9, >= 0.9.7)
    rb-fsevent (0.9.7)
    rb-inotify (0.9.7)
      ffi (>= 0.5.0)

PLATFORMS
  ruby

DEPENDENCIES
  jekyll-paginate
  jekyll-sitemap
  jekyll-watch
  kramdown

BUNDLED WITH
   1.12.4
